PATH
  remote: .
  specs:
    fog-cloudstack (0.1.0)
      fog-core (~> 2.1)
      fog-json (~> 1.1)
      fog-xml (~> 0.1)

GEM
  remote: https://rubygems.org/
  specs:
    builder (3.2.3)
    excon (0.62.0)
    fog-core (2.1.2)
      builder
      excon (~> 0.58)
      formatador (~> 0.2)
      mime-types
    fog-json (1.2.0)
      fog-core
      multi_json (~> 1.10)
    fog-xml (0.1.3)
      fog-core
      nokogiri (>= 1.5.11, < 2.0.0)
    formatador (0.2.5)
    mime-types (3.2.2)
      mime-types-data (~> 3.2015)
    mime-types-data (3.2018.0812)
    mini_portile2 (2.3.0)
    multi_json (1.13.1)
    nokogiri (1.8.5)
      mini_portile2 (~> 2.3.0)
    rake (10.5.0)
    rubyzip (1.2.2)
    shindo (0.3.8)
      formatador (>= 0.1.1)

PLATFORMS
  ruby

DEPENDENCIES
  bundler (~> 2.0)
  fog-cloudstack!
  rake (~> 10.0)
  rubyzip (~> 1.2.1)
  shindo (~> 0.3)

BUNDLED WITH
   2.0.1
